GEM
  remote: http://rubygems.org/
  specs:
    kramdown (1.9.0)
    mdl (0.3.1)
      kramdown (~> 1.8, >= 1.8.0)
      mixlib-cli (~> 1.5, >= 1.5.0)
      mixlib-config (~> 2.1, >= 2.1.0)
    mixlib-cli (1.5.0)
    mixlib-config (2.2.1)
    yaml-lint (0.0.7)

PLATFORMS
  x86-mingw32

DEPENDENCIES
  mdl (= 0.3.1)
  yaml-lint (= 0.0.7)

BUNDLED WITH
   1.12.3
