GEM
  remote: http://rubygems.org/
  specs:

PLATFORMS
  x86-mingw32

DEPENDENCIES

BUNDLED WITH
   1.12.3
