GEM
  remote: http://rubygems.org/
  specs:
    yaml-lint (0.0.7)

PLATFORMS
  x86-mingw32

DEPENDENCIES
  yaml-lint (= 0.0.7)

BUNDLED WITH
   1.12.3
